GEM
  remote: https://rubygems.org/
  specs:
    diff-lcs (1.3)
    helix_runtime (0.7.3)
      rake (>= 10.0)
      thor (>= 0.19.4, < 2.0)
      tomlrb (~> 1.2.4)
    rake (10.5.0)
    rspec (3.5.0)
      rspec-core (~> 3.5.0)
      rspec-expectations (~> 3.5.0)
      rspec-mocks (~> 3.5.0)
    rspec-core (3.5.4)
      rspec-support (~> 3.5.0)
    rspec-expectations (3.5.0)
      diff-lcs (>= 1.2.0, < 2.0)
      rspec-support (~> 3.5.0)
    rspec-mocks (3.5.0)
      diff-lcs (>= 1.2.0, < 2.0)
      rspec-support (~> 3.5.0)
    rspec-support (3.5.0)
    thor (0.20.0)
    tomlrb (1.2.6)

PLATFORMS
  ruby

DEPENDENCIES
  helix_runtime (= 0.7.3)
  rake (~> 10.0)
  rspec (~> 3.4)

BUNDLED WITH
   1.15.4
