GIT
  remote: git://github.com/tildeio/helix.git
  revision: 37b2f2f3e9145e8183a08570c2f29853b3ab99bc
  specs:
    helix_runtime (0.7.0)
      rake (>= 10.0)
      thor (~> 0.19.4)
      tomlrb (~> 1.2.4)

GEM
  remote: https://rubygems.org/
  specs:
    diff-lcs (1.3)
    rake (10.5.0)
    rspec (3.5.0)
      rspec-core (~> 3.5.0)
      rspec-expectations (~> 3.5.0)
      rspec-mocks (~> 3.5.0)
    rspec-core (3.5.4)
      rspec-support (~> 3.5.0)
    rspec-expectations (3.5.0)
      diff-lcs (>= 1.2.0, < 2.0)
      rspec-support (~> 3.5.0)
    rspec-mocks (3.5.0)
      diff-lcs (>= 1.2.0, < 2.0)
      rspec-support (~> 3.5.0)
    rspec-support (3.5.0)
    thor (0.19.4)
    tomlrb (1.2.5)

PLATFORMS
  ruby

DEPENDENCIES
  helix_runtime!
  rake (~> 10.0)
  rspec (~> 3.4)

BUNDLED WITH
   1.14.6
